STORAGE: NONE
RESTRICTION: == net6.0
NUGET
  remote: https://api.nuget.org/v3/index.json
    Avalonia (11.0.0-preview5)
      Avalonia.Remote.Protocol (>= 11.0.0-preview5)
      MicroCom.Runtime (>= 0.11)
      System.ComponentModel.Annotations (>= 4.5)
    Avalonia.Angle.Windows.Natives (2.1.0.2020091801)
    Avalonia.Desktop (11.0.0-preview5)
      Avalonia (>= 11.0.0-preview5)
      Avalonia.Native (>= 11.0.0-preview5)
      Avalonia.Skia (>= 11.0.0-preview5)
      Avalonia.Win32 (>= 11.0.0-preview5)
      Avalonia.X11 (>= 11.0.0-preview5)
    Avalonia.FreeDesktop (11.0.0-preview5)
      Avalonia (>= 11.0.0-preview5)
      Tmds.DBus (>= 0.9)
    Avalonia.FuncUI (0.6.0-preview8)
      Avalonia (>= 11.0.0-preview5)
      FSharp.Core (>= 7.0.200)
    Avalonia.FuncUI.Elmish (0.6.0-preview8)
      Avalonia.FuncUI (>= 0.6.0-preview8)
      Elmish (>= 4.0)
      FSharp.Core (>= 7.0.200)
    Avalonia.Native (11.0.0-preview5)
      Avalonia (>= 11.0.0-preview5)
    Avalonia.Remote.Protocol (11.0.0-preview5)
    Avalonia.Skia (11.0.0-preview5)
      Avalonia (>= 11.0.0-preview5)
      HarfBuzzSharp (>= 2.8.2.1-preview.108)
      HarfBuzzSharp.NativeAssets.Linux (>= 2.8.2.1-preview.108)
      HarfBuzzSharp.NativeAssets.WebAssembly (>= 2.8.2.1-preview.108)
      SkiaSharp (>= 2.88.1)
      SkiaSharp.NativeAssets.Linux (>= 2.88.1)
      SkiaSharp.NativeAssets.WebAssembly (>= 2.88.1)
    Avalonia.Themes.Fluent (11.0.0-preview5)
      Avalonia (>= 11.0.0-preview5)
    Avalonia.Win32 (11.0.0-preview5)
      Avalonia (>= 11.0.0-preview5)
      Avalonia.Angle.Windows.Natives (>= 2.1.0.2020091801)
      System.Drawing.Common (>= 6.0)
      System.Numerics.Vectors (>= 4.5)
    Avalonia.X11 (11.0.0-preview5)
      Avalonia (>= 11.0.0-preview5)
      Avalonia.FreeDesktop (>= 11.0.0-preview5)
      Avalonia.Skia (>= 11.0.0-preview5)
    Elmish (4.0)
      FSharp.Core (>= 6.0.7)
    FSharp.Core (7.0.200)
    HarfBuzzSharp (2.8.2.1-preview.108)
      HarfBuzzSharp.NativeAssets.macOS (>= 2.8.2.1-preview.108)
      HarfBuzzSharp.NativeAssets.Win32 (>= 2.8.2.1-preview.108)
    HarfBuzzSharp.NativeAssets.Linux (2.8.2.1-preview.108)
      HarfBuzzSharp (>= 2.8.2.1-preview.108)
    HarfBuzzSharp.NativeAssets.macOS (2.8.2.1-preview.108)
    HarfBuzzSharp.NativeAssets.WebAssembly (2.8.2.1-preview.108)
    HarfBuzzSharp.NativeAssets.Win32 (2.8.2.1-preview.108)
    MicroCom.Runtime (0.11)
    Microsoft.Win32.SystemEvents (6.0)
    SkiaSharp (2.88.1)
      SkiaSharp.NativeAssets.macOS (>= 2.88.1)
      SkiaSharp.NativeAssets.Win32 (>= 2.88.1)
    SkiaSharp.NativeAssets.Linux (2.88.1)
      SkiaSharp (>= 2.88.1)
    SkiaSharp.NativeAssets.macOS (2.88.1)
    SkiaSharp.NativeAssets.WebAssembly (2.88.1)
    SkiaSharp.NativeAssets.Win32 (2.88.1)
    System.ComponentModel.Annotations (4.5)
    System.Drawing.Common (6.0)
      Microsoft.Win32.SystemEvents (>= 6.0)
    System.Numerics.Vectors (4.5)
    System.Reflection.Emit (4.7)
    System.Security.Principal.Windows (4.7)
    Tmds.DBus (0.9)
      System.Reflection.Emit (>= 4.7)
      System.Security.Principal.Windows (>= 4.7)
