STORAGE: NONE
RESTRICTION: == net6.0
NUGET
  remote: https://api.nuget.org/v3/index.json
    Avalonia (11.0.5)
      Avalonia.BuildServices (>= 0.0.29)
      Avalonia.Remote.Protocol (>= 11.0.5)
      MicroCom.Runtime (>= 0.11)
      System.ComponentModel.Annotations (>= 4.5)
    Avalonia.Angle.Windows.Natives (2.1.0.2023020321)
    Avalonia.BuildServices (0.0.29)
    Avalonia.Controls.ColorPicker (11.0.5)
      Avalonia (>= 11.0.5)
      Avalonia.Remote.Protocol (>= 11.0.5)
    Avalonia.Controls.DataGrid (11.0.5)
      Avalonia (>= 11.0.5)
      Avalonia.Remote.Protocol (>= 11.0.5)
    Avalonia.Desktop (11.0.4)
      Avalonia (>= 11.0.4)
      Avalonia.Native (>= 11.0.4)
      Avalonia.Skia (>= 11.0.4)
      Avalonia.Win32 (>= 11.0.4)
      Avalonia.X11 (>= 11.0.4)
    Avalonia.Diagnostics (11.0.5)
      Avalonia (>= 11.0.5)
      Avalonia.Controls.ColorPicker (>= 11.0.5)
      Avalonia.Controls.DataGrid (>= 11.0.5)
      Avalonia.Themes.Simple (>= 11.0.5)
      Microsoft.CodeAnalysis.Common (>= 3.8)
      Microsoft.CodeAnalysis.CSharp.Scripting (>= 3.8)
    Avalonia.FreeDesktop (11.0.4)
      Avalonia (>= 11.0.4)
      Tmds.DBus.Protocol (>= 0.15)
    Avalonia.FuncUI (1.0.1)
      Avalonia (>= 11.0)
      Avalonia.Controls.DataGrid (>= 11.0)
      FSharp.Core (>= 7.0.300)
    Avalonia.FuncUI.Elmish (1.0.1)
      Avalonia.FuncUI (>= 1.0.1)
      Elmish (>= 4.0)
      FSharp.Core (>= 7.0.300)
    Avalonia.Native (11.0.4)
      Avalonia (>= 11.0.4)
    Avalonia.Remote.Protocol (11.0.5)
    Avalonia.Skia (11.0.4)
      Avalonia (>= 11.0.4)
      HarfBuzzSharp (>= 2.8.2.3)
      HarfBuzzSharp.NativeAssets.Linux (>= 2.8.2.3)
      HarfBuzzSharp.NativeAssets.WebAssembly (>= 2.8.2.3)
      SkiaSharp (>= 2.88.3)
      SkiaSharp.NativeAssets.Linux (>= 2.88.3)
      SkiaSharp.NativeAssets.WebAssembly (>= 2.88.3)
    Avalonia.Themes.Fluent (11.0.4)
      Avalonia (>= 11.0.4)
    Avalonia.Themes.Simple (11.0.5)
      Avalonia (>= 11.0.5)
    Avalonia.Win32 (11.0.4)
      Avalonia (>= 11.0.4)
      Avalonia.Angle.Windows.Natives (>= 2.1.0.2023020321)
      System.Drawing.Common (>= 6.0)
      System.Numerics.Vectors (>= 4.5)
    Avalonia.X11 (11.0.4)
      Avalonia (>= 11.0.4)
      Avalonia.FreeDesktop (>= 11.0.4)
      Avalonia.Skia (>= 11.0.4)
    Elmish (4.0.2)
    FSharp.Core (7.0.400)
    HarfBuzzSharp (2.8.2.3)
      HarfBuzzSharp.NativeAssets.macOS (>= 2.8.2.3)
      HarfBuzzSharp.NativeAssets.Win32 (>= 2.8.2.3)
    HarfBuzzSharp.NativeAssets.Linux (2.8.2.3)
      HarfBuzzSharp (>= 2.8.2.3)
    HarfBuzzSharp.NativeAssets.macOS (2.8.2.3)
    HarfBuzzSharp.NativeAssets.WebAssembly (2.8.2.3)
    HarfBuzzSharp.NativeAssets.Win32 (2.8.2.3)
    Material.Avalonia (3.0)
      Avalonia (>= 11.0)
      System.Reactive (>= 6.0)
    MicroCom.Runtime (0.11)
    Microsoft.CodeAnalysis.Analyzers (3.3.4)
    Microsoft.CodeAnalysis.Common (4.7)
      Microsoft.CodeAnalysis.Analyzers (>= 3.3.4)
      System.Collections.Immutable (>= 7.0)
      System.Reflection.Metadata (>= 7.0)
      System.Runtime.CompilerServices.Unsafe (>= 6.0)
    Microsoft.CodeAnalysis.CSharp (4.7)
      Microsoft.CodeAnalysis.Common (4.7)
    Microsoft.CodeAnalysis.CSharp.Scripting (4.7)
      Microsoft.CodeAnalysis.Common (4.7)
      Microsoft.CodeAnalysis.CSharp (4.7)
      Microsoft.CodeAnalysis.Scripting.Common (4.7)
      Microsoft.CSharp (>= 4.7)
    Microsoft.CodeAnalysis.Scripting.Common (4.7)
      Microsoft.CodeAnalysis.Common (4.7)
    Microsoft.CSharp (4.7)
    Microsoft.Win32.SystemEvents (6.0)
    OxyPlot.Core (2.1.2)
    RangeSlider.Avalonia (2.1)
      Avalonia (>= 11.0)
    SkiaSharp (2.88.3)
      SkiaSharp.NativeAssets.macOS (>= 2.88.3)
      SkiaSharp.NativeAssets.Win32 (>= 2.88.3)
    SkiaSharp.NativeAssets.Linux (2.88.3)
      SkiaSharp (>= 2.88.3)
    SkiaSharp.NativeAssets.macOS (2.88.3)
    SkiaSharp.NativeAssets.WebAssembly (2.88.3)
    SkiaSharp.NativeAssets.Win32 (2.88.3)
    System.Collections.Immutable (7.0)
      System.Runtime.CompilerServices.Unsafe (>= 6.0)
    System.ComponentModel.Annotations (4.5)
    System.Drawing.Common (6.0)
      Microsoft.Win32.SystemEvents (>= 6.0)
    System.IO.Pipelines (6.0)
    System.Numerics.Vectors (4.5)
    System.Reactive (6.0)
    System.Reflection.Metadata (7.0.2)
      System.Collections.Immutable (>= 7.0)
    System.Runtime.CompilerServices.Unsafe (6.0)
    Tmds.DBus.Protocol (0.15)
      System.IO.Pipelines (>= 6.0)
  remote: https://worldbeater.pkgs.visualstudio.com/OxyPlot.Avalonia/_packaging/OxyPlot.Avalonia-CI/nuget/v3/index.json
    AvaloniaOU.Oxyplot (2.1.0-20230810.7)
      Avalonia (>= 11.0)
      OxyPlot.Core (>= 2.1)
