STORAGE: NONE
RESTRICTION: == net6.0
NUGET
  remote: https://api.nuget.org/v3/index.json
    Avalonia (0.10.15)
      Avalonia.Remote.Protocol (>= 0.10.15)
      JetBrains.Annotations (>= 10.3)
      System.ComponentModel.Annotations (>= 4.5)
      System.Memory (>= 4.5.3)
      System.Reactive (>= 5.0)
      System.Runtime.CompilerServices.Unsafe (>= 4.6)
      System.ValueTuple (>= 4.5)
    Avalonia.Angle.Windows.Natives (2.1.0.2020091801)
    Avalonia.Desktop (0.10.15)
      Avalonia (>= 0.10.15)
      Avalonia.Native (>= 0.10.15)
      Avalonia.Skia (>= 0.10.15)
      Avalonia.Win32 (>= 0.10.15)
      Avalonia.X11 (>= 0.10.15)
    Avalonia.FreeDesktop (0.10.15)
      Avalonia (>= 0.10.15)
      Tmds.DBus (>= 0.9)
    Avalonia.Native (0.10.15)
      Avalonia (>= 0.10.15)
    Avalonia.Remote.Protocol (0.10.15)
    Avalonia.Skia (0.10.15)
      Avalonia (>= 0.10.15)
      HarfBuzzSharp (>= 2.8.2-preview.178)
      HarfBuzzSharp.NativeAssets.Linux (>= 2.8.2-preview.178)
      HarfBuzzSharp.NativeAssets.WebAssembly (>= 2.8.2-preview.178)
      SkiaSharp (>= 2.88.1-preview.1)
      SkiaSharp.NativeAssets.Linux (>= 2.88.1-preview.1)
      SkiaSharp.NativeAssets.WebAssembly (>= 2.88.1-preview.1)
    Avalonia.Win32 (0.10.15)
      Avalonia (>= 0.10.15)
      Avalonia.Angle.Windows.Natives (>= 2.1.0.2020091801)
      System.Drawing.Common (>= 4.5)
      System.Numerics.Vectors (>= 4.5)
    Avalonia.X11 (0.10.15)
      Avalonia (>= 0.10.15)
      Avalonia.FreeDesktop (>= 0.10.15)
      Avalonia.Skia (>= 0.10.15)
    Elmish (3.1)
      FSharp.Core (>= 4.6.2)
    FSharp.Core (7.0)
    HarfBuzzSharp (2.8.2-preview.178)
      HarfBuzzSharp.NativeAssets.macOS (>= 2.8.2-preview.178)
      HarfBuzzSharp.NativeAssets.Win32 (>= 2.8.2-preview.178)
      System.Memory (>= 4.5.3)
    HarfBuzzSharp.NativeAssets.Linux (2.8.2-preview.178)
      HarfBuzzSharp (>= 2.8.2-preview.178)
    HarfBuzzSharp.NativeAssets.macOS (2.8.2-preview.178)
    HarfBuzzSharp.NativeAssets.WebAssembly (2.8.2-preview.178)
    HarfBuzzSharp.NativeAssets.Win32 (2.8.2-preview.178)
    JaggerJo.Avalonia.FuncUI (0.5.3)
      Avalonia (>= 0.10.15)
      Avalonia.Desktop (>= 0.10.15)
      FSharp.Core (>= 6.0.4)
    JaggerJo.Avalonia.FuncUI.DSL (0.5.3)
      FSharp.Core (>= 6.0.4)
      JaggerJo.Avalonia.FuncUI (>= 0.5.3)
    JaggerJo.Avalonia.FuncUI.Elmish (0.5.3)
      Elmish (>= 3.1)
      FSharp.Core (>= 6.0.4)
      JaggerJo.Avalonia.FuncUI (>= 0.5.3)
    JetBrains.Annotations (10.3)
      System.Runtime (>= 4.1)
    Microsoft.NETCore.Platforms (2.0)
    Microsoft.NETCore.Targets (1.0.1)
    Microsoft.Win32.SystemEvents (4.5)
      Microsoft.NETCore.Platforms (>= 2.0)
    SkiaSharp (2.88.1-preview.1)
      SkiaSharp.NativeAssets.macOS (>= 2.88.1-preview.1)
      SkiaSharp.NativeAssets.Win32 (>= 2.88.1-preview.1)
      System.Memory (>= 4.5.3)
    SkiaSharp.NativeAssets.Linux (2.88.1-preview.1)
      SkiaSharp (>= 2.88.1-preview.1)
    SkiaSharp.NativeAssets.macOS (2.88.1-preview.1)
    SkiaSharp.NativeAssets.WebAssembly (2.88.1-preview.1)
    SkiaSharp.NativeAssets.Win32 (2.88.1-preview.1)
    System.ComponentModel.Annotations (4.5)
    System.Drawing.Common (4.5)
      Microsoft.NETCore.Platforms (>= 2.0)
      Microsoft.Win32.SystemEvents (>= 4.5)
    System.Memory (4.5.3)
    System.Numerics.Vectors (4.5)
    System.Reactive (5.0)
    System.Reflection.Emit (4.7)
    System.Runtime (4.1)
      Microsoft.NETCore.Platforms (>= 1.0.1)
      Microsoft.NETCore.Targets (>= 1.0.1)
    System.Runtime.CompilerServices.Unsafe (4.6)
    System.Security.Principal.Windows (4.7)
    System.ValueTuple (4.5)
    Tmds.DBus (0.9)
      System.Reflection.Emit (>= 4.7)
      System.Security.Principal.Windows (>= 4.7)
