STORAGE: NONE
RESTRICTION: == net6.0
NUGET
  remote: https://api.nuget.org/v3/index.json
    Avalonia (11.0.0-preview4)
      Avalonia.Remote.Protocol (>= 11.0.0-preview4)
      JetBrains.Annotations (>= 10.3)
      MicroCom.Runtime (>= 0.11)
      System.ComponentModel.Annotations (>= 4.5)
      System.Memory (>= 4.5.3)
      System.Reactive (>= 5.0)
      System.Runtime.CompilerServices.Unsafe (>= 4.6)
      System.ValueTuple (>= 4.5)
    Avalonia.Angle.Windows.Natives (2.1.0.2020091801)
    Avalonia.Desktop (11.0.0-preview4)
      Avalonia (>= 11.0.0-preview4)
      Avalonia.Native (>= 11.0.0-preview4)
      Avalonia.Skia (>= 11.0.0-preview4)
      Avalonia.Win32 (>= 11.0.0-preview4)
      Avalonia.X11 (>= 11.0.0-preview4)
    Avalonia.FreeDesktop (11.0.0-preview4)
      Avalonia (>= 11.0.0-preview4)
      Tmds.DBus (>= 0.9)
    Avalonia.FuncUI (0.6.0-preview5)
      Avalonia (>= 11.0.0-preview4)
      FSharp.Core (>= 7.0)
    Avalonia.FuncUI.Elmish (0.6.0-preview5)
      Avalonia.FuncUI (>= 0.6.0-preview5)
      Elmish (>= 4.0)
      FSharp.Core (>= 7.0)
    Avalonia.Native (11.0.0-preview4)
      Avalonia (>= 11.0.0-preview4)
    Avalonia.Remote.Protocol (11.0.0-preview4)
    Avalonia.Skia (11.0.0-preview4)
      Avalonia (>= 11.0.0-preview4)
      HarfBuzzSharp (>= 2.8.2.1-preview.108)
      HarfBuzzSharp.NativeAssets.Linux (>= 2.8.2.1-preview.108)
      HarfBuzzSharp.NativeAssets.WebAssembly (>= 2.8.2.1-preview.108)
      SkiaSharp (>= 2.88.1)
      SkiaSharp.NativeAssets.Linux (>= 2.88.1)
      SkiaSharp.NativeAssets.WebAssembly (>= 2.88.1)
    Avalonia.Themes.Fluent (11.0.0-preview4)
      Avalonia (>= 11.0.0-preview4)
      System.Reactive (>= 5.0)
    Avalonia.Win32 (11.0.0-preview4)
      Avalonia (>= 11.0.0-preview4)
      Avalonia.Angle.Windows.Natives (>= 2.1.0.2020091801)
      System.Drawing.Common (>= 6.0)
      System.Numerics.Vectors (>= 4.5)
    Avalonia.X11 (11.0.0-preview4)
      Avalonia (>= 11.0.0-preview4)
      Avalonia.FreeDesktop (>= 11.0.0-preview4)
      Avalonia.Skia (>= 11.0.0-preview4)
    Elmish (4.0)
      FSharp.Core (>= 6.0.7)
    FSharp.Core (7.0)
    HarfBuzzSharp (2.8.2.1-preview.108)
      HarfBuzzSharp.NativeAssets.macOS (>= 2.8.2.1-preview.108)
      HarfBuzzSharp.NativeAssets.Win32 (>= 2.8.2.1-preview.108)
    HarfBuzzSharp.NativeAssets.Linux (2.8.2.1-preview.108)
      HarfBuzzSharp (>= 2.8.2.1-preview.108)
    HarfBuzzSharp.NativeAssets.macOS (2.8.2.1-preview.108)
    HarfBuzzSharp.NativeAssets.WebAssembly (2.8.2.1-preview.108)
    HarfBuzzSharp.NativeAssets.Win32 (2.8.2.1-preview.108)
    JetBrains.Annotations (10.3)
      System.Runtime (>= 4.1)
    MicroCom.Runtime (0.11)
    Microsoft.NETCore.Platforms (1.0.1)
    Microsoft.NETCore.Targets (1.0.1)
    Microsoft.Win32.SystemEvents (6.0)
    SkiaSharp (2.88.1)
      SkiaSharp.NativeAssets.macOS (>= 2.88.1)
      SkiaSharp.NativeAssets.Win32 (>= 2.88.1)
    SkiaSharp.NativeAssets.Linux (2.88.1)
      SkiaSharp (>= 2.88.1)
    SkiaSharp.NativeAssets.macOS (2.88.1)
    SkiaSharp.NativeAssets.WebAssembly (2.88.1)
    SkiaSharp.NativeAssets.Win32 (2.88.1)
    System.ComponentModel.Annotations (4.5)
    System.Drawing.Common (6.0)
      Microsoft.Win32.SystemEvents (>= 6.0)
    System.Memory (4.5.3)
    System.Numerics.Vectors (4.5)
    System.Reactive (5.0)
    System.Reflection.Emit (4.7)
    System.Runtime (4.1)
      Microsoft.NETCore.Platforms (>= 1.0.1)
      Microsoft.NETCore.Targets (>= 1.0.1)
    System.Runtime.CompilerServices.Unsafe (4.6)
    System.Security.Principal.Windows (4.7)
    System.ValueTuple (4.5)
    Tmds.DBus (0.9)
      System.Reflection.Emit (>= 4.7)
      System.Security.Principal.Windows (>= 4.7)
